GEM
  remote: https://rubygems.org/
  specs:
    rack (2.0.7)
    rack-protection (2.0.7)
      rack
    sinatra (2.0.7)
      rack (~> 1.4)
      rack-protection (~> 1.4)
      tilt (~> 1.3, >= 1.3.4)
    tilt (1.4.1)

PLATFORMS
  ruby
  x64-mingw32

DEPENDENCIES
  sinatra
